GEM
  remote: https://rubygems.org/
  specs:
    faraday (0.8.7)
      multipart-post (~> 1.1)
    igo-ruby (0.1.5)
    multi_json (1.7.3)
    multipart-post (1.2.0)
    oauth (0.4.7)
    pg (0.15.1)
    rack (1.5.2)
    simple_oauth (0.2.0)
    twitter (4.6.2)
      faraday (~> 0.8, < 0.10)
      multi_json (~> 1.0)
      simple_oauth (~> 0.2)

PLATFORMS
  ruby

DEPENDENCIES
  igo-ruby
  oauth
  pg
  rack
  twitter
