GEM
  remote: https://rubygems.org/
  specs:
    faraday (0.8.4)
      multipart-post (~> 1.1)
    multi_json (1.5.0)
    multipart-post (1.1.5)
    oauth (0.4.7)
    pg (0.14.1-x86-mingw32)
    rack (1.4.1)
    simple_oauth (0.2.0)
    twitter (4.4.2)
      faraday (~> 0.8)
      multi_json (~> 1.3)
      simple_oauth (~> 0.2)

PLATFORMS
  x86-mingw32

DEPENDENCIES
  oauth
  pg
  rack
  twitter
